PATH
  remote: .
  specs:
    maac (2.0.0.pre.alpha)

GEM
  remote: https://rubygems.org/
  specs:
    coffee-script (2.4.1)
      coffee-script-source
      execjs
    coffee-script-source (1.12.2)
    execjs (2.7.0)

PLATFORMS
  ruby

DEPENDENCIES
  coffee-script (~> 2.4)
  maac!

BUNDLED WITH
   1.16.1
